GEM
  remote: https://rubygems.org/
  specs:
    ffi (1.9.6)
    sys-filesystem (1.1.3)
      ffi
    sys-uptime (0.6.2)
      ffi (>= 1.0.0)

PLATFORMS
  ruby

DEPENDENCIES
  sys-filesystem
  sys-uptime
