GEM
  remote: https://rubygems.org/
  specs:
    ffi (1.9.6)
    paint (0.9.0)
    sys-host (0.6.2)
    sys-uname (0.9.2)
      ffi (>= 1.0.0)
    sys-uptime (0.6.2)
      ffi (>= 1.0.0)

PLATFORMS
  ruby

DEPENDENCIES
  paint
  sys-host
  sys-uname
  sys-uptime
