GEM
  remote: https://rubygems.org/
  specs:
    ast (2.4.2)
    drydock (0.6.9)
    json (2.6.2)
    paint (2.1.1)
    parallel (1.22.1)
    parser (3.1.2.1)
      ast (~> 2.4.1)
    rainbow (3.1.1)
    regexp_parser (2.5.0)
    rexml (3.2.5)
    rubocop (1.36.0)
      json (~> 2.3)
      parallel (~> 1.10)
      parser (>= 3.1.2.1)
      rainbow (>= 2.2.2, < 4.0)
      regexp_parser (>= 1.8, < 3.0)
      rexml (>= 3.2.5, < 4.0)
      rubocop-ast (>= 1.20.1, < 2.0)
      ruby-progressbar (~> 1.7)
      unicode-display_width (>= 1.4.0, < 3.0)
    rubocop-ast (1.21.0)
      parser (>= 3.1.1.0)
    ruby-progressbar (1.11.0)
    storable (0.8.9)
    sysinfo (0.8.1)
      drydock
      storable
    unicode-display_width (2.3.0)

PLATFORMS
  ruby

DEPENDENCIES
  paint (~> 2.1.0)
  rainbow (~> 3.0)
  rubocop (>= 0.49.0)
  sysinfo (~> 0.8.1)

BUNDLED WITH
   1.17.2
